GEM
  remote: https://rubygems.org/
  specs:
    rexml (3.2.6)
    spellchecker (0.1.5)

PLATFORMS
  x86_64-linux

DEPENDENCIES
  rexml
  spellchecker

BUNDLED WITH
   2.2.3
